PATH
  remote: .
  specs:
    journeyman (0.2.0)

GEM
  remote: https://rubygems.org/
  specs:
    codeclimate-test-reporter (0.3.0)
      simplecov (>= 0.7.1, < 1.0.0)
    coderay (1.1.0)
    diff-lcs (1.2.5)
    docile (1.1.3)
    given_core (3.5.4)
      sorcerer (>= 0.3.7)
    method_source (0.8.2)
    multi_json (1.9.2)
    pry (0.10.0)
      coderay (~> 1.1.0)
      method_source (~> 0.8.1)
      slop (~> 3.4)
    rake (10.2.2)
    rspec (2.14.1)
      rspec-core (~> 2.14.0)
      rspec-expectations (~> 2.14.0)
      rspec-mocks (~> 2.14.0)
    rspec-core (2.14.8)
    rspec-expectations (2.14.5)
      diff-lcs (>= 1.1.3, < 2.0)
    rspec-given (3.5.4)
      given_core (= 3.5.4)
      rspec (>= 2.12)
    rspec-mocks (2.14.6)
    simplecov (0.8.2)
      docile (~> 1.1.0)
      multi_json
      simplecov-html (~> 0.8.0)
    simplecov-html (0.8.0)
    slop (3.6.0)
    sorcerer (1.0.2)
    tomparse (0.4.2)
    yard (0.8.7.4)
    yard-tomdoc (0.7.1)
      tomparse (>= 0.4.0)
      yard

PLATFORMS
  ruby

DEPENDENCIES
  bundler
  codeclimate-test-reporter (= 0.3.0)
  journeyman!
  pry
  rake
  rspec-given
  yard
  yard-tomdoc
